PATH
  remote: .
  specs:
    ruby_memprofiler_pprof (0.0.2)
      debase-ruby_core_source (>= 0.10.14)

GEM
  remote: https://rubygems.org/
  specs:
    bump (0.10.0)
    coderay (1.1.3)
    debase-ruby_core_source (0.10.16)
    e2mmap (0.1.0)
    google-protobuf (3.21.1)
    google-protobuf (3.21.1-x86_64-darwin)
    google-protobuf (3.21.1-x86_64-linux)
    method_source (1.0.0)
    minitest (5.15.0)
    mustermann (1.1.1)
      ruby2_keywords (~> 0.0.1)
    private_gem (1.2.1)
      bundler (> 2.2, < 3.0)
      thor
    pry (0.14.1)
      coderay (~> 1.1)
      method_source (~> 1.0)
    rack (2.2.3.1)
    rack-protection (2.2.0)
      rack
    rake (13.0.6)
    rake-compiler (1.2.0)
      rake
    ruby2_keywords (0.0.5)
    sinatra (2.2.0)
      mustermann (~> 1.0)
      rack (~> 2.2)
      rack-protection (= 2.2.0)
      tilt (~> 2.0)
    thor (1.2.1)
    thwait (0.2.0)
      e2mmap
    tilt (2.0.10)
    timecop (0.9.5)

PLATFORMS
  ruby
  x86_64-darwin-19
  x86_64-linux

DEPENDENCIES
  bump (~> 0.10)
  google-protobuf (~> 3)
  minitest (~> 5)
  private_gem (~> 1)
  pry (~> 0.14)
  rake (~> 13)
  rake-compiler (~> 1)
  ruby_memprofiler_pprof!
  sinatra (~> 2)
  thwait (~> 0.2)
  timecop (~> 0.9)

BUNDLED WITH
   2.3.13
