PATH
  remote: .
  specs:
    ruby_memprofiler_pprof (0.0.4)
      backtracie (= 1.0.0)

GEM
  remote: https://rubygems.org/
  specs:
    ast (2.4.2)
    backtracie (1.0.0)
      debase-ruby_core_source (~> 0.10, >= 0.10.12)
    bump (0.10.0)
    coderay (1.1.3)
    debase-ruby_core_source (0.10.16)
    e2mmap (0.1.0)
    google-protobuf (3.21.5)
    json (2.6.2)
    method_source (1.0.0)
    minitest (5.16.3)
    mustermann (2.0.2)
      ruby2_keywords (~> 0.0.1)
    parallel (1.22.1)
    parser (3.1.2.1)
      ast (~> 2.4.1)
    pry (0.14.1)
      coderay (~> 1.1)
      method_source (~> 1.0)
    rack (2.2.4)
    rack-protection (2.2.2)
      rack
    rainbow (3.1.1)
    rake (13.0.6)
    rake-compiler (1.2.0)
      rake
    regexp_parser (2.5.0)
    rexml (3.2.5)
    rubocop (1.35.0)
      json (~> 2.3)
      parallel (~> 1.10)
      parser (>= 3.1.2.1)
      rainbow (>= 2.2.2, < 4.0)
      regexp_parser (>= 1.8, < 3.0)
      rexml (>= 3.2.5, < 4.0)
      rubocop-ast (>= 1.20.1, < 2.0)
      ruby-progressbar (~> 1.7)
      unicode-display_width (>= 1.4.0, < 3.0)
    rubocop-ast (1.21.0)
      parser (>= 3.1.1.0)
    rubocop-performance (1.14.3)
      rubocop (>= 1.7.0, < 2.0)
      rubocop-ast (>= 0.4.0)
    ruby-progressbar (1.11.0)
    ruby2_keywords (0.0.5)
    sinatra (2.2.2)
      mustermann (~> 2.0)
      rack (~> 2.2)
      rack-protection (= 2.2.2)
      tilt (~> 2.0)
    standard (1.16.0)
      rubocop (= 1.35.0)
      rubocop-performance (= 1.14.3)
    thwait (0.2.0)
      e2mmap
    tilt (2.0.11)
    timecop (0.9.5)
    unicode-display_width (2.2.0)

PLATFORMS
  ruby

DEPENDENCIES
  bump (~> 0.10)
  google-protobuf (~> 3)
  minitest (~> 5)
  pry (~> 0.14)
  rake (~> 13)
  rake-compiler (~> 1)
  ruby_memprofiler_pprof!
  sinatra (~> 2)
  standard (~> 1.14)
  thwait (~> 0.2)
  timecop (~> 0.9)

BUNDLED WITH
   2.1.4
